PATH
  remote: .
  specs:
    clinic_finder (0.0.2)

GEM
  remote: https://rubygems.org/
  specs:
    activesupport (5.1.4)
      concurrent-ruby (~> 1.0, >= 1.0.2)
      i18n (~> 0.7)
      minitest (~> 5.1)
      tzinfo (~> 1.1)
    concurrent-ruby (1.0.5)
    geokit (1.10.0)
    i18n (0.8.6)
    minitest (5.10.3)
    rake (12.0.0)
    thread_safe (0.3.6)
    tzinfo (1.2.3)
      thread_safe (~> 0.1)

PLATFORMS
  ruby

DEPENDENCIES
  activesupport
  clinic_finder!
  geokit
  minitest
  rake (>= 0.9.2)

BUNDLED WITH
   1.14.6
