PATH
  remote: .
  specs:
    clinic_finder (0.0.2)

GEM
  remote: https://rubygems.org/
  specs:
    geokit (1.10.0)
    minitest (5.10.3)
    rake (12.0.0)

PLATFORMS
  ruby

DEPENDENCIES
  clinic_finder!
  geokit
  minitest
  rake (>= 0.9.2)

BUNDLED WITH
   1.14.6
